GEM
  remote: https://rubygems.org/
  specs:
    ast (2.4.2)
    bundler-audit (0.8.0)
      bundler (>= 1.2.0, < 3)
      thor (~> 1.0)
    coderay (1.1.3)
    ffi (1.15.0)
    figaro (1.2.0)
      thor (>= 0.14.0, < 2)
    hirb (0.7.3)
    json (2.5.1)
    listen (3.5.1)
      rb-fsevent (~> 0.10, >= 0.10.3)
      rb-inotify (~> 0.9, >= 0.9.10)
    method_source (1.0.0)
    minitest (5.14.4)
    minitest-rg (5.2.0)
      minitest (~> 5.0)
    nio4r (2.5.7)
    parallel (1.20.1)
    parser (3.0.1.0)
      ast (~> 2.4.1)
    pg (1.2.3)
    pry (0.14.1)
      coderay (~> 1.1)
      method_source (~> 1.0)
    puma (5.2.2)
      nio4r (~> 2.0)
    rack (2.2.3)
    rack-test (1.1.0)
      rack (>= 1.0, < 3)
    rainbow (3.0.0)
    rake (13.0.3)
    rb-fsevent (0.10.4)
    rb-inotify (0.10.1)
      ffi (~> 1.0)
    rbnacl (7.1.1)
      ffi
    regexp_parser (2.1.1)
    rerun (0.13.1)
      listen (~> 3.0)
    rexml (3.2.5)
    roda (3.43.1)
      rack
    rubocop (1.12.1)
      parallel (~> 1.10)
      parser (>= 3.0.0.0)
      rainbow (>= 2.2.2, < 4.0)
      regexp_parser (>= 1.8, < 3.0)
      rexml
      rubocop-ast (>= 1.2.0, < 2.0)
      ruby-progressbar (~> 1.7)
      unicode-display_width (>= 1.4.0, < 3.0)
    rubocop-ast (1.4.1)
      parser (>= 2.7.1.5)
    rubocop-performance (1.11.0)
      rubocop (>= 1.7.0, < 2.0)
      rubocop-ast (>= 0.4.0)
    ruby-progressbar (1.11.0)
    sequel (5.43.0)
    sequel-seed (1.1.2)
      sequel (>= 4.49.0)
    sqlite3 (1.4.2)
    thor (1.1.0)
    unicode-display_width (2.0.0)

PLATFORMS
  x86_64-darwin-20
  x86_64-linux

DEPENDENCIES
  bundler-audit
  figaro (~> 1)
  hirb (~> 0)
  json
  minitest
  minitest-rg
  pg
  pry
  puma (~> 5)
  rack-test
  rake (~> 13)
  rbnacl (~> 7)
  rerun
  roda (~> 3)
  rubocop
  rubocop-performance
  sequel (~> 5)
  sequel-seed
  sqlite3

RUBY VERSION
   ruby 3.0.1p64

BUNDLED WITH
   2.2.15
